GEM
  remote: https://rubygems.org/
  specs:
    actionpack-xml_parser (1.0.2)
    capybara (2.13)
    csv (3.0.1)
    i18n (0.7.0)
    mail (2.7.1)
    mini_mime (1.0.1)
    mimemagic (0.3.2)
    mocha (1.7.0)
    net-ldap (0.16.0)
    nokogiri (1.8.5)
    pg (1.0.0)
    puma (3.12)
    rack-openid (1.4.2)
    rails (5.2.2)
    rails-dom-testing (1.0.9)
    rbpdf (1.19.6)
    rdoc (4.3.0)
    redcarpet (3.4.0)
    request_store (1.0.5)
    rmagick (2.14.0)
    roadie-rails (1.3.0)
    rouge (3.3.0)
    ruby-openid (2.3.0)
    selenium-webdriver (2.53.4)
    simplecov (0.14.1)
    tzinfo-data (1.2018.7)
    yard (0.9.16)

PLATFORMS
  ruby

DEPENDENCIES
  actionpack-xml_parser
  capybara (~> 2.13)
  csv (~> 3.0.1)
  i18n (~> 0.7.0)
  mail (~> 2.7.1)
  mini_mime (~> 1.0.1)
  mimemagic
  mocha
  net-ldap (~> 0.16.0)
  nokogiri (~> 1.8.5)
  pg (~> 1.0.0)
  puma (~> 3.12)
  rack-openid
  rails (= 5.2.2)
  rails-dom-testing
  rbpdf (~> 1.19.6)
  rdoc
  redcarpet (~> 3.4.0)
  request_store (= 1.0.5)
  rmagick (>= 2.14.0)
  roadie-rails (~> 1.3.0)
  rouge (~> 3.3.0)
  ruby-openid (~> 2.3.0)
  selenium-webdriver
  simplecov (~> 0.14.1)
  tzinfo-data
  yard
