GEM
  remote: https://rubygems.org/
  specs:
    actioncable (5.2.2)
      actionpack (= 5.2.2)
      nio4r (~> 2.0)
      websocket-driver (>= 0.6.1)
    activemodel (5.2.2)
      activesupport (= 5.2.2)
    activerecord (5.2.2)
      activemodel (= 5.2.2)
      activesupport (= 5.2.2)
      arel (>= 9.0)
    actionmailer (5.2.2)
      actionpack (= 5.2.2)
      actionview (= 5.2.2)
      activejob (= 5.2.2)
      mail (~> 2.5, >= 2.5.4)
      rails-dom-testing (~> 2.0)
    activestorage (5.2.2)
      actionpack (= 5.2.2)
      activerecord (= 5.2.2)
      marcel (~> 0.3.1)
    activejob (4.2.11)
      activesupport (= 4.2.11)
      globalid (>= 0.3.0)
    activesupport (4.2.11)
      i18n (~> 0.7)
      minitest (~> 5.1)
      thread_safe (~> 0.3, >= 0.3.4)
      tzinfo (~> 1.1)
    actionview (4.2.11)
      activesupport (= 4.2.11)
      builder (~> 3.1)
      erubis (~> 2.7.0)
      rails-dom-testing (~> 1.0, >= 1.0.5)
      rails-html-sanitizer (~> 1.0, >= 1.0.3)
    actionpack (4.2.11)
      actionview (= 4.2.11)
      activesupport (= 4.2.11)
      rack (~> 1.6)
      rack-test (~> 0.6.2)
      rails-dom-testing (~> 1.0, >= 1.0.5)
      rails-html-sanitizer (~> 1.0, >= 1.0.2)
    actionpack-xml_parser (1.0.2)
      actionpack (>= 4.0.0, < 5)
    builder (3.2.3)
    capybara (2.13)
    csv (3.0.1)
    crass (1.0.4)
    erubis (2.7.0)
    globalid (0.4.1)
      activesupport (>= 4.2.0)
    i18n (0.7.0)
    loofah (2.2.3)
      crass (~> 1.0.2)
      nokogiri (>= 1.5.9)
    mail (2.7.1)
      mini_mime (>= 0.1.1)
    metaclass (0.0.4)
    mini_mime (1.0.1)
    mini_portile2 (2.3.0)
    minitest (5.11.3)
    mimemagic (0.3.2)
    mocha (1.7.0)
      metaclass (~> 0.0.1)
    net-ldap (0.16.0)
    nokogiri (1.8.5)
      mini_portile2 (~> 2.3.0)
    pg (1.0.0)
    puma (3.12)
    rack (1.6.11)
    rack-openid (1.4.2)
      rack (>= 1.1.0)
      ruby-openid (>= 2.1.8)
    rack-test (0.6.3)
      rack (>= 1.0)
    rails (5.2.2)
      activesupport (= 5.2.2)
      actionpack (= 5.2.2)
      actionview (= 5.2.2)
      activemodel (= 5.2.2)
      activerecord (= 5.2.2)
      actionmailer (= 5.2.2)
      activejob (= 5.2.2)
      actioncable (= 5.2.2)
      activestorage (= 5.2.2)
      railties (= 5.2.2),
      bundler (>= 1.3.0)
      sprockets-rails (>= 2.0.0)
    rails-deprecated_sanitizer (1.0.3)
      activesupport (>= 4.2.0.alpha)
    rails-dom-testing (1.0.9)
      activesupport (>= 4.2.0, < 5.0)
      nokogiri (~> 1.6)
      rails-deprecated_sanitizer (>= 1.0.1)
    rails-html-sanitizer (1.0.4)
      loofah (~> 2.2, >= 2.2.2)
    rbpdf (1.19.6)
    rdoc (4.3.0)
    redcarpet (3.4.0)
    request_store (1.0.5)
    rmagick (2.14.0)
    roadie-rails (1.3.0)
    rouge (3.3.0)
    ruby-openid (2.3.0)
    selenium-webdriver (2.53.4)
    simplecov (0.14.1)
    sprockets-rails (3.2.1)
      actionpack (>= 4.0)
      activesupport (>= 4.0)
      sprockets (>= 3.0.0)
    thread_safe (0.3.6)
    tzinfo (1.2.5)
      thread_safe (~> 0.1)
    tzinfo-data (1.2018.7)
      tzinfo (>= 1.0.0)
    yard (0.9.16)

PLATFORMS
  ruby

DEPENDENCIES
  actionpack-xml_parser
  capybara (~> 2.13)
  csv (~> 3.0.1)
  i18n (~> 0.7.0)
  mail (~> 2.7.1)
  mini_mime (~> 1.0.1)
  mimemagic
  mocha
  net-ldap (~> 0.16.0)
  nokogiri (~> 1.8.5)
  pg (~> 1.0.0)
  puma (~> 3.12)
  rack-openid
  rails (= 5.2.2)
  rails-dom-testing
  rbpdf (~> 1.19.6)
  rdoc
  redcarpet (~> 3.4.0)
  request_store (= 1.0.5)
  rmagick (>= 2.14.0)
  roadie-rails (~> 1.3.0)
  rouge (~> 3.3.0)
  ruby-openid (~> 2.3.0)
  selenium-webdriver
  simplecov (~> 0.14.1)
  tzinfo-data
  yard
