GEM
  remote: https://rubygems.org/
  specs:
    puma (3.12.0)


PLATFORMS
  ruby

DEPENDENCIES
  actionpack-xml_parser
  capybara (~> 2.13)
  csv (~> 3.0.1)
  i18n (~> 0.7.0)
  mail (~> 2.7.1)
  mini_mime (~> 1.0.1)
  mimemagic
  mocha
  net-ldap (~> 0.16.0)
  nokogiri (~> 1.8.5)
  pg (~> 1.0.0)
  puma (~> 3.12)
  rack-openid
  rails (= 5.2.2)
  rails-dom-testing
  rbpdf (~> 1.19.6)
  rdoc
  redcarpet (~> 3.4.0)
  request_store (= 1.0.5)
  rmagick (>= 2.14.0)
  roadie-rails (~> 1.3.0)
  rouge (~> 3.3.0)
  ruby-openid (~> 2.3.0)
  selenium-webdriver
  simplecov (~> 0.14.1)
  tzinfo-data
  yard
